GEM
  remote: https://rubygems.org/
  specs:
    builder (3.2.4)
    rake (13.0.1)
    text-table (1.2.4)

PLATFORMS
  ruby

DEPENDENCIES
  builder
  rake
  text-table

BUNDLED WITH
   1.17.3
